GEM
  remote: https://rubygems.org/
  specs:
    rb-appscript (0.6.1)
    ri_cal (0.8.8)

PLATFORMS
  ruby

DEPENDENCIES
  rb-appscript
  ri_cal
